GEM
  specs:
    text-table (1.2.3)

PLATFORMS
  ruby

DEPENDENCIES
  text-table
